STORAGE: NONE
RESTRICTION: || (== net50) (== netcoreapp3.1)
NUGET
  remote: https://api.nuget.org/v3/index.json
    Expecto (9.0.2)
      FSharp.Core (>= 4.6)
      Mono.Cecil (>= 0.11.2)
    Fable.Browser.Blob (1.1)
      Fable.Core (>= 3.0)
      FSharp.Core (>= 4.6.2)
    Fable.Browser.Dom (2.2)
      Fable.Browser.Blob (>= 1.1)
      Fable.Browser.Event (>= 1.2.1)
      Fable.Browser.WebStorage (>= 1.0)
      Fable.Core (>= 3.0)
      FSharp.Core (>= 4.7.2)
    Fable.Browser.Event (1.2.1)
      Fable.Core (>= 3.0)
      FSharp.Core (>= 4.7)
    Fable.Browser.WebStorage (1.0)
      Fable.Browser.Event (>= 1.0)
      Fable.Core (>= 3.0)
      FSharp.Core (>= 4.5.2)
    Fable.Browser.XMLHttpRequest (1.1.2)
      Fable.Browser.Blob (>= 1.1)
      Fable.Browser.Event (>= 1.2.1)
      Fable.Core (>= 3.0)
      FSharp.Core (>= 4.7)
    Fable.Core (3.2.3)
      FSharp.Core (>= 4.7.2)
    Fable.Elmish (3.1)
      Fable.Core (>= 3.0)
      FSharp.Core (>= 4.6.2)
    Fable.Elmish.Browser (3.0.4)
      Fable.Browser.Dom (>= 1.0)
      Fable.Core (>= 3.0)
      Fable.Elmish (>= 3.0)
      FSharp.Core (>= 4.6.2)
    Fable.Elmish.Debugger (3.2)
      Fable.Core (>= 3.1.5)
      Fable.Elmish (>= 3.0)
      FSharp.Core (>= 4.7)
      Thoth.Json (>= 4.0)
    Fable.Elmish.HMR (4.1)
      Fable.Core (>= 3.0)
      Fable.Elmish.Browser (>= 3.0.4)
      Fable.Elmish.React (>= 3.0.1)
      FSharp.Core (>= 4.6.2)
    Fable.Elmish.React (3.0.1)
      Fable.Core (>= 3.0)
      Fable.Elmish (>= 3.0)
      Fable.React (>= 5.1)
      FSharp.Core (>= 4.6.2)
    Fable.FontAwesome (2.0)
      Fable.Core (>= 3.0)
      Fable.React (>= 5.1)
    Fable.FontAwesome.Free (2.1)
      Fable.Core (>= 3.0)
      Fable.FontAwesome (>= 2.0)
      Fable.React (>= 5.1)
    Fable.Mocha (2.9.1)
      Fable.Core (>= 3.0)
      FSharp.Core (>= 4.7)
    Fable.Parsimmon (4.1)
      Fable.Core (>= 3.0)
      FSharp.Core (>= 4.6.2)
    Fable.React (7.2)
      Fable.Browser.Dom (>= 2.0.1)
      Fable.Core (>= 3.1.5)
      FSharp.Core (>= 4.7.2)
    Fable.Remoting.Client (7.2)
      Fable.Browser.XMLHttpRequest (>= 1.0)
      Fable.Core (>= 3.1.5)
      Fable.Remoting.MsgPack (>= 1.6.2)
      Fable.SimpleJson (>= 3.17)
      FSharp.Core (>= 4.7)
    Fable.Remoting.Giraffe (4.15)
      Fable.Remoting.Server (>= 5.13)
      FSharp.Core (>= 4.7.2)
      Giraffe (>= 4.1)
    Fable.Remoting.Json (2.13)
      FSharp.Core (>= 4.7.2)
      Newtonsoft.Json (>= 12.0.2)
    Fable.Remoting.MsgPack (1.7)
      FSharp.Core (>= 4.7.2)
      TypeShape (>= 8.0.1)
    Fable.Remoting.Server (5.13)
      Fable.Remoting.Json (>= 2.13)
      Fable.Remoting.MsgPack (>= 1.7)
      FSharp.Core (>= 4.7.2)
      TypeShape (>= 8.0.1)
    Fable.SignalR.AspNetCore (0.11.1)
      Fable.Remoting.Json (>= 2.12 < 3.0)
      Fable.Remoting.MsgPack (>= 1.6.2 < 2.0)
      FSharp.Core (>= 4.7.2)
      Microsoft.AspNetCore.SignalR.Protocols.NewtonsoftJson (>= 5.0 < 6.0)
      System.Text.Encodings.Web (>= 5.0 < 6.0)
      TaskBuilder.fs (>= 2.1 < 3.0)
    Fable.SignalR.Saturn (0.11.1)
      Fable.Remoting.Json (>= 2.12 < 3.0)
      Fable.SignalR.AspNetCore (>= 0.11.1)
      FSharp.Core (>= 4.7.2)
      Microsoft.AspNetCore.Authentication.JwtBearer (>= 5.0 < 6.0)
      Microsoft.AspNetCore.SignalR.Protocols.NewtonsoftJson (>= 5.0 < 6.0)
      Saturn (>= 0.14.1 < 1.0)
    Fable.SimpleJson (3.17)
      Fable.Core (>= 3.1.5)
      Fable.Parsimmon (>= 4.0)
      FSharp.Core (>= 4.7)
    FSharp.Control.Websockets (0.2.2)
      FSharp.Core (>= 4.3.4)
      Microsoft.IO.RecyclableMemoryStream (>= 1.2.2)
    FSharp.Core (5.0)
    Fulma (2.10)
      Fable.Core (>= 3.0)
      Fable.React (>= 5.1)
    Giraffe (4.1)
      FSharp.Core (>= 4.7)
      Microsoft.IO.RecyclableMemoryStream (>= 1.2.2)
      Newtonsoft.Json (>= 12.0.2)
      TaskBuilder.fs (>= 2.1)
      Utf8Json (>= 1.3.7)
    Microsoft.AspNetCore.Authentication.JwtBearer (5.0.2)
      Microsoft.IdentityModel.Protocols.OpenIdConnect (>= 6.7.1) - restriction: || (== net50) (&& (== netcoreapp3.1) (>= net50))
    Microsoft.AspNetCore.Connections.Abstractions (5.0.2)
      Microsoft.AspNetCore.Http.Features (>= 5.0.2)
    Microsoft.AspNetCore.Http.Features (5.0.2)
      Microsoft.Extensions.Primitives (>= 5.0)
      System.IO.Pipelines (>= 5.0.1)
    Microsoft.AspNetCore.SignalR.Common (5.0.2)
      Microsoft.AspNetCore.Connections.Abstractions (>= 5.0.2)
      Microsoft.Extensions.Options (>= 5.0)
      System.Text.Json (>= 5.0.1) - restriction: || (&& (== net50) (>= net461)) (== netcoreapp3.1)
    Microsoft.AspNetCore.SignalR.Protocols.NewtonsoftJson (5.0.2)
      Microsoft.AspNetCore.SignalR.Common (>= 5.0.2)
      Newtonsoft.Json (>= 12.0.2)
    Microsoft.CSharp (4.7) - restriction: || (== net50) (&& (== netcoreapp3.1) (>= net50))
    Microsoft.Extensions.DependencyInjection.Abstractions (5.0)
    Microsoft.Extensions.Options (5.0)
      Microsoft.Extensions.DependencyInjection.Abstractions (>= 5.0)
      Microsoft.Extensions.Primitives (>= 5.0)
    Microsoft.Extensions.Primitives (5.0)
    Microsoft.IdentityModel.JsonWebTokens (6.8) - restriction: || (== net50) (&& (== netcoreapp3.1) (>= net50))
      Microsoft.IdentityModel.Tokens (>= 6.8)
    Microsoft.IdentityModel.Logging (6.8) - restriction: || (== net50) (&& (== netcoreapp3.1) (>= net50))
    Microsoft.IdentityModel.Protocols (6.8) - restriction: || (== net50) (&& (== netcoreapp3.1) (>= net50))
      Microsoft.IdentityModel.Logging (>= 6.8)
      Microsoft.IdentityModel.Tokens (>= 6.8)
    Microsoft.IdentityModel.Protocols.OpenIdConnect (6.8) - restriction: || (== net50) (&& (== netcoreapp3.1) (>= net50))
      Microsoft.IdentityModel.Protocols (>= 6.8)
      System.IdentityModel.Tokens.Jwt (>= 6.8)
    Microsoft.IdentityModel.Tokens (6.8) - restriction: || (== net50) (&& (== netcoreapp3.1) (>= net50))
      Microsoft.CSharp (>= 4.5)
      Microsoft.IdentityModel.Logging (>= 6.8)
      System.Security.Cryptography.Cng (>= 4.5)
    Microsoft.IO.RecyclableMemoryStream (1.3.6)
    Microsoft.NETCore.Platforms (5.0)
    Mono.Cecil (0.11.3)
    NETStandard.Library (2.0.3)
      Microsoft.NETCore.Platforms (>= 1.1)
    Newtonsoft.Json (12.0.3)
    Saturn (0.14.1)
      FSharp.Control.Websockets (>= 0.2.2)
      FSharp.Core (>= 4.7.2)
      Giraffe (>= 4.1)
      Microsoft.AspNetCore.Authentication.JwtBearer (>= 3.0.3)
      System.Threading.Tasks.Dataflow (>= 4.11.1)
    System.Formats.Asn1 (5.0) - restriction: || (== net50) (&& (== netcoreapp3.1) (>= net50))
    System.IdentityModel.Tokens.Jwt (6.8) - restriction: || (== net50) (&& (== netcoreapp3.1) (>= net50))
      Microsoft.IdentityModel.JsonWebTokens (>= 6.8)
      Microsoft.IdentityModel.Tokens (>= 6.8)
    System.IO.Pipelines (5.0.1)
    System.Reflection.Emit (4.7)
    System.Reflection.Emit.Lightweight (4.7)
    System.Security.Cryptography.Cng (5.0) - restriction: || (== net50) (&& (== netcoreapp3.1) (>= net50))
      System.Formats.Asn1 (>= 5.0)
    System.Text.Encodings.Web (5.0)
    System.Text.Json (5.0.1) - restriction: || (&& (== net50) (>= net461)) (== netcoreapp3.1)
    System.Threading.Tasks.Dataflow (5.0)
    System.Threading.Tasks.Extensions (4.5.4)
    System.ValueTuple (4.5)
    TaskBuilder.fs (2.1)
      FSharp.Core (>= 4.1.17)
      NETStandard.Library (>= 1.6.1)
      System.ValueTuple (>= 4.4)
    Thoth.Json (5.1)
      Fable.Core (>= 3.1.6)
      FSharp.Core (>= 4.7.2)
    TypeShape (9.0)
      FSharp.Core (>= 4.3.2)
    Utf8Json (1.3.7)
      System.Reflection.Emit (>= 4.3)
      System.Reflection.Emit.Lightweight (>= 4.3)
      System.Threading.Tasks.Extensions (>= 4.4)
      System.ValueTuple (>= 4.4)

GROUP Build
STORAGE: NONE
RESTRICTION: == netstandard2.0
NUGET
  remote: https://api.nuget.org/v3/index.json
    Farmer (1.3.2)
      FSharp.Core (>= 4.7.1)
      Newtonsoft.Json (>= 12.0.2)
    FSharp.Core (5.0)
    Newtonsoft.Json (12.0.3)
